GEM
  remote: https://rubygems.org/
  specs:
    htmlentities (4.3.4)
    ruby-progressbar (1.8.1)

PLATFORMS
  ruby

DEPENDENCIES
  htmlentities
  ruby-progressbar

BUNDLED WITH
   1.12.5
